GIT
  remote: https://github.com/soveran/cuba.git
  revision: b6893ae292ef0677cf07c58e1567e0880661b55e
  specs:
    cuba (3.1.0)
      rack

GEM
  remote: http://rubygems.org/
  specs:
    base62 (0.1.4)
    capistrano (2.12.0)
      highline
      net-scp (>= 1.0.0)
      net-sftp (>= 2.0.0)
      net-ssh (>= 2.0.14)
      net-ssh-gateway (>= 1.1.0)
    coffee-script (2.2.0)
      coffee-script-source
      execjs
    coffee-script-source (1.3.3)
    cutest (1.1.3)
    daemons (1.1.8)
    eventmachine (0.12.10)
    eventmachine (0.12.10-java)
    execjs (1.4.0)
      multi_json (~> 1.0)
    highline (1.6.13)
    libv8 (3.3.10.4)
    multi_json (1.3.6)
    net-scp (1.0.4)
      net-ssh (>= 1.99.1)
    net-sftp (2.0.5)
      net-ssh (>= 2.0.9)
    net-ssh (2.5.2)
    net-ssh-gateway (1.1.0)
      net-ssh (>= 1.99.1)
    newrelic_rpm (3.5.2.17)
    oj (1.3.2)
    rack (1.4.1)
    rack-test (0.6.1)
      rack (>= 1.0)
    redis (3.0.1)
    rvm-capistrano (1.2.5)
      capistrano (>= 2.0.0)
    sass (3.1.20)
    slim (1.2.2)
      temple (~> 0.4.0)
      tilt (~> 1.3.3)
    temple (0.4.0)
    therubyracer (0.10.1)
      libv8 (~> 3.3.10)
    thin (1.4.1)
      daemons (>= 1.0.9)
      eventmachine (>= 0.12.6)
      rack (>= 1.0.0)
    tilt (1.3.3)

PLATFORMS
  java
  ruby

DEPENDENCIES
  base62
  capistrano
  coffee-script
  cuba!
  cutest
  newrelic_rpm
  oj
  rack-test
  redis
  rvm-capistrano
  sass
  slim
  therubyracer
  thin
