GIT
  remote: https://github.com/soveran/cuba.git
  revision: 4bcee5519bb7080e0aa57b2709314dc881d66e7f
  specs:
    cuba (3.1.0)
      rack

GEM
  remote: http://rubygems.org/
  specs:
    base62 (0.1.4)
    capistrano (2.13.5)
      highline
      net-scp (>= 1.0.0)
      net-sftp (>= 2.0.0)
      net-ssh (>= 2.0.14)
      net-ssh-gateway (>= 1.1.0)
    coffee-script (2.2.0)
      coffee-script-source
      execjs
    coffee-script-source (1.4.0)
    cutest (1.2.0)
    daemons (1.1.9)
    eventmachine (1.0.0)
    eventmachine (1.0.0-java)
    execjs (1.4.0)
      multi_json (~> 1.0)
    highline (1.6.15)
    libv8 (3.3.10.4)
    multi_json (1.4.0)
    net-scp (1.0.4)
      net-ssh (>= 1.99.1)
    net-sftp (2.0.5)
      net-ssh (>= 2.0.9)
    net-ssh (2.6.2)
    net-ssh-gateway (1.1.0)
      net-ssh (>= 1.99.1)
    newrelic-redis (1.4.0)
      newrelic_rpm (~> 3.0)
      redis (< 4.0)
    newrelic_rpm (3.5.2.17)
    oj (1.4.5)
    rack (2.2.3)
    rack-test (0.6.2)
      rack (>= 1.0)
    rake (10.0.2)
    redis (3.0.2)
    rvm-capistrano (1.2.7)
      capistrano (>= 2.0.0)
    sass (3.2.3)
    slim (1.3.4)
      temple (~> 0.5.5)
      tilt (~> 1.3.3)
    temple (0.5.5)
    therubyracer (0.10.2)
      libv8 (~> 3.3.10)
    thin (1.5.0)
      daemons (>= 1.0.9)
      eventmachine (>= 0.12.6)
      rack (>= 1.0.0)
    tilt (1.3.3)

PLATFORMS
  java
  ruby

DEPENDENCIES
  base62
  capistrano
  coffee-script
  cuba!
  cutest
  newrelic-redis
  newrelic_rpm
  oj
  rack-test
  rake
  redis
  rvm-capistrano
  sass
  slim
  therubyracer
  thin
