GIT
  remote: https://github.com/soveran/cuba.git
  revision: b6893ae292ef0677cf07c58e1567e0880661b55e
  specs:
    cuba (3.1.0)
      rack

GEM
  remote: http://rubygems.org/
  specs:
    base62 (0.1.4)
    coffee-script (2.2.0)
      coffee-script-source
      execjs
    coffee-script-source (1.3.3)
    cutest (1.1.3)
    daemons (1.1.8)
    eventmachine (0.12.10)
    eventmachine (0.12.10-java)
    execjs (1.4.0)
      multi_json (~> 1.0)
    multi_json (1.3.6)
    oj (1.3.2)
    rack (1.4.1)
    rack-test (0.6.1)
      rack (>= 1.0)
    redis (3.0.1)
    sass (3.1.20)
    slim (1.2.2)
      temple (~> 0.4.0)
      tilt (~> 1.3.3)
    temple (0.4.0)
    thin (1.4.1)
      daemons (>= 1.0.9)
      eventmachine (>= 0.12.6)
      rack (>= 1.0.0)
    tilt (1.3.3)

PLATFORMS
  java
  ruby

DEPENDENCIES
  base62
  coffee-script
  cuba!
  cutest
  oj
  rack-test
  redis
  sass
  slim
  thin
